GEM
  remote: http://rubygems.org/
  specs:
    actionmailer (2.3.18)
      actionpack (= 2.3.18)
    actionpack (2.3.18)
      activesupport (= 2.3.18)
      rack (~> 1.1.0)
    activerecord (2.3.18)
      activesupport (= 2.3.18)
    activeresource (2.3.18)
      activesupport (= 2.3.18)
    activesupport (2.3.18)
    builder (3.2.2)
    capistrano (3.2.1)
      i18n
      rake (>= 10.0.0)
      sshkit (~> 1.3)
    colorize (0.7.3)
    faraday (0.9.0)
      multipart-post (>= 1.2, < 3)
    faraday_middleware (0.9.1)
      faraday (>= 0.7.4, < 0.10)
    hpricot (0.8.6)
    i18n (0.6.11)
    multipart-post (2.0.0)
    mysql (2.9.1)
    mysql2 (0.2.7)
    net-scp (1.2.1)
      net-ssh (>= 2.6.5)
    net-ssh (2.9.1)
    oai (0.3.1)
      builder (>= 2.0.0)
      faraday
      faraday_middleware
    rack (1.1.6)
    rails (2.3.18)
      actionmailer (= 2.3.18)
      actionpack (= 2.3.18)
      activerecord (= 2.3.18)
      activeresource (= 2.3.18)
      activesupport (= 2.3.18)
      rake (>= 0.8.3)
    rake (10.3.2)
    rmagick (2.13.2)
    sshkit (1.5.1)
      colorize
      net-scp (>= 1.1.2)
      net-ssh (>= 2.8.0)
    will_paginate (2.3.16)

PLATFORMS
  ruby

DEPENDENCIES
  capistrano
  hpricot
  mysql
  mysql2 (= 0.2.7)
  oai
  rails (~> 2.3.17)
  rmagick
  will_paginate (~> 2)
